GEM
  remote: https://rubygems.org/
  specs:
    ipaddress (0.8.3)

PLATFORMS
  ruby

DEPENDENCIES
  ipaddress

BUNDLED WITH
   1.16.3
