GEM
  remote: https://rubygems.org/
  specs:
    archive-zip (0.11.0)
      io-like (~> 0.3.0)
    coderay (1.1.2)
    io-like (0.3.0)
    ipaddress (0.8.3)
    method_source (0.9.0)
    pry (0.11.3)
      coderay (~> 1.1.0)
      method_source (~> 0.9.0)

PLATFORMS
  ruby

DEPENDENCIES
  archive-zip
  ipaddress
  pry

BUNDLED WITH
   1.16.3
