GEM
  remote: https://rubygems.org/
  specs:
    archive-zip (0.11.0)
      io-like (~> 0.3.0)
    io-like (0.3.0)
    ipaddress (0.8.3)

PLATFORMS
  ruby

DEPENDENCIES
  archive-zip
  ipaddress

BUNDLED WITH
   1.16.3
